GEM
  remote: https://rubygems.org/
  specs:
    coreaudio (0.0.11)
      narray (~> 0.6.0.0)
    narray (0.6.0.9)

PLATFORMS
  ruby

DEPENDENCIES
  coreaudio

BUNDLED WITH
   1.11.2
